GEM
  remote: https://rubygems.org/
  specs:
    logger (1.6.1)

PLATFORMS
  ruby
  x86_64-darwin-23

DEPENDENCIES
  logger

BUNDLED WITH
   2.5.3
